GEM
  remote: http://rubygems.org/
  specs:
    builder (3.0.4)
    childprocess (0.1.4)
      ffi (~> 0.6.3)
    cucumber (1.2.1)
      builder (>= 2.1.2)
      diff-lcs (>= 1.1.3)
      gherkin (~> 2.11.0)
      json (>= 1.4.6)
    diff-lcs (1.1.3)
    ffi (0.6.3)
      rake (>= 0.8.7)
    ffi (0.6.3-x86-mingw32)
      rake (>= 0.8.7)
    gherkin (2.11.1-x86-mingw32)
      json (>= 1.4.6)
    json (1.7.6)
    json_pure (1.4.6)
    melomel (0.6.2)
      nokogiri (~> 1.4.3)
    nokogiri (1.4.4)
    nokogiri (1.4.4-x86-mingw32)
    rack (1.2.1)
    rake (0.8.7)
    rspec (2.3.0)
      rspec-core (~> 2.3.0)
      rspec-expectations (~> 2.12.1)
      rspec-mocks (~> 2.3.0)
    rspec-core (2.3.1)
    rspec-expectations (2.12.1)
      diff-lcs (~> 1.1.2)
    rspec-mocks (2.3.0)
    rubyzip (0.9.4)
    selenium-webdriver (0.1.1)
      childprocess (= 0.1.4)
      ffi (~> 0.6.3)
      json_pure
      rubyzip
    sinatra (1.0)
      rack (>= 1.0)

PLATFORMS
  ruby
  x86-mingw32

DEPENDENCIES
  cucumber
  melomel
  rspec
  selenium-webdriver
  sinatra
